GEM
  remote: https://rubygems.org/
  specs:
    activemodel (6.1.4)
      activesupport (= 6.1.4)
    activerecord (6.1.4)
      activemodel (= 6.1.4)
      activesupport (= 6.1.4)
    activesupport (6.1.4)
      concurrent-ruby (~> 1.0, >= 1.0.2)
      i18n (>= 1.6, < 2)
      minitest (>= 5.1)
      tzinfo (~> 2.0)
      zeitwerk (~> 2.3)
    axiom-types (0.1.1)
      descendants_tracker (~> 0.0.4)
      ice_nine (~> 0.11.0)
      thread_safe (~> 0.3, >= 0.3.1)
    coderay (1.1.3)
    coercible (1.0.0)
      descendants_tracker (~> 0.0.1)
    concurrent-ruby (1.1.9)
    descendants_tracker (0.0.4)
      thread_safe (~> 0.3, >= 0.3.1)
    dotenv (2.7.6)
    dry-inflector (0.2.1)
    faraday (1.7.2)
      faraday-em_http (~> 1.0)
      faraday-em_synchrony (~> 1.0)
      faraday-excon (~> 1.1)
      faraday-httpclient (~> 1.0.1)
      faraday-net_http (~> 1.0)
      faraday-net_http_persistent (~> 1.1)
      faraday-patron (~> 1.0)
      faraday-rack (~> 1.0)
      multipart-post (>= 1.2, < 3)
      ruby2_keywords (>= 0.0.4)
    faraday-em_http (1.0.0)
    faraday-em_synchrony (1.0.0)
    faraday-excon (1.1.0)
    faraday-httpclient (1.0.1)
    faraday-net_http (1.0.1)
    faraday-net_http_persistent (1.2.0)
    faraday-patron (1.0.0)
    faraday-rack (1.0.0)
    haml (5.2.2)
      temple (>= 0.8.0)
      tilt
    i18n (1.8.10)
      concurrent-ruby (~> 1.0)
    ice_nine (0.11.2)
    method_source (1.0.0)
    mina (1.2.3)
      open4 (~> 1.3.4)
      rake
    minitest (5.14.4)
    multi_json (1.15.0)
    multipart-post (2.1.1)
    mustermann (1.1.1)
      ruby2_keywords (~> 0.0.1)
    nio4r (2.5.8)
    open4 (1.3.4)
    pg (1.2.3)
    pry (0.14.1)
      coderay (~> 1.1)
      method_source (~> 1.0)
    puma (5.4.0)
      nio4r (~> 2.0)
    rack (2.2.3)
    rack-contrib (2.3.0)
      rack (~> 2.0)
    rack-protection (2.1.0)
      rack
    rake (13.0.6)
    ransack (2.4.2)
      activerecord (>= 5.2.4)
      activesupport (>= 5.2.4)
      i18n
    ruby2_keywords (0.0.5)
    sinatra (2.1.0)
      mustermann (~> 1.0)
      rack (~> 2.2)
      rack-protection (= 2.1.0)
      tilt (~> 2.0)
    sinatra-activerecord (2.0.23)
      activerecord (>= 4.1)
      sinatra (>= 1.0)
    sinatra-contrib (2.1.0)
      multi_json
      mustermann (~> 1.0)
      rack-protection (= 2.1.0)
      sinatra (= 2.1.0)
      tilt (~> 2.0)
    sinatra-cors (1.2.0)
    sinatra-protection (0.1.0)
      sinatra-contrib
    telegram-bot-ruby (0.16.0)
      dry-inflector
      faraday
      virtus (~> 2.0)
    temple (0.8.2)
    thread_safe (0.3.6)
    tilt (2.0.10)
    tzinfo (2.0.4)
      concurrent-ruby (~> 1.0)
    virtus (2.0.0)
      axiom-types (~> 0.1)
      coercible (~> 1.0)
      descendants_tracker (~> 0.0, >= 0.0.3)
    zeitwerk (2.4.2)

PLATFORMS
  ruby

DEPENDENCIES
  activerecord
  dotenv
  haml
  mina
  pg
  pry
  puma
  rack-contrib
  rake
  ransack
  sinatra
  sinatra-activerecord
  sinatra-contrib
  sinatra-cors (~> 1.2)
  sinatra-protection
  telegram-bot-ruby

RUBY VERSION
   ruby 3.0.2p107

BUNDLED WITH
   2.2.22
